GEM
  remote: https://rubygems.org/
  specs:
    minitest (5.14.2)

PLATFORMS
  arm64-darwin-21

DEPENDENCIES
  minitest (~> 5.4)

BUNDLED WITH
   2.2.32
